FRAMEWORK: >= NET452
NUGET
  remote: https://api.nuget.org/v3/index.json
    Akka (1.1.3)
      Newtonsoft.Json (>= 9.0.1)
      System.Collections.Immutable (>= 1.1.36)
    EasyExecute (0.2.0-pre)
      Akka (>= 1.1.3)
    Newtonsoft.Json (10.0.1)
    System.Collections.Immutable (1.3.1)
